GIT
  remote: https://github.com/dry-rb/dry-configurable.git
  revision: 2f69eb09ed4e119e691180ee84dd3d2a0ae78d31
  branch: master
  specs:
    dry-configurable (0.12.1)
      concurrent-ruby (~> 1.0)
      dry-core (~> 0.5, >= 0.5.0)

GIT
  remote: https://github.com/dry-rb/dry-system.git
  revision: e7612e3d8192dec8f68913a9f608f3760eed3eb7
  branch: default-settings-for-component-dirs
  specs:
    dry-system (0.18.1)
      concurrent-ruby (~> 1.0)
      dry-auto_inject (>= 0.4.0)
      dry-configurable (~> 0.12, >= 0.12.1)
      dry-container (~> 0.7, >= 0.7.2)
      dry-core (~> 0.5, >= 0.5)
      dry-inflector (~> 0.1, >= 0.1.2)
      dry-struct (~> 1.0)

GIT
  remote: https://github.com/hanami/cli
  revision: 782d2bd9622bd439807801b963bf4557021d2675
  branch: main
  specs:
    hanami-cli (2.0.0.alpha1)
      bundler (~> 2.2)
      dry-cli (~> 0.6)
      dry-inflector (~> 0.2)
      rake (~> 13.0)

GIT
  remote: https://github.com/hanami/controller
  revision: 24cc81fcfa2ed7b9bc3b3dcf5d2c3b553a924c7a
  branch: unstable
  specs:
    hanami-controller (2.0.0.alpha1)
      dry-configurable (~> 0.11, >= 0.11.6)
      hanami-utils (~> 2.0.alpha)
      rack (~> 2.0)

GIT
  remote: https://github.com/hanami/router
  revision: 7d70f09f9c256c1093d008c561c2f53fc3f61d7f
  branch: unstable
  specs:
    hanami-router (2.0.0.alpha4)
      mustermann (~> 1.0)
      mustermann-contrib (~> 1.0)
      rack (~> 2.0)

GIT
  remote: https://github.com/hanami/utils
  revision: 9d7115cda66bf4c6c2175ead03cdab45a1167938
  branch: unstable
  specs:
    hanami-utils (2.0.0.alpha1)
      concurrent-ruby (~> 1.0)
      dry-transformer (~> 0.1)

GIT
  remote: https://github.com/hanami/view
  revision: c2309cee8e34ba82cc073dc28e810411210e7c6a
  branch: master
  specs:
    hanami-view (2.0.0.alpha1)
      concurrent-ruby (~> 1.0)
      dry-configurable (~> 0.1)
      dry-core (~> 0.2)
      dry-equalizer (~> 0.2)
      dry-inflector (~> 0.1)
      tilt (~> 2.0, >= 2.0.6)

GIT
  remote: https://github.com/solnic/hanami
  revision: 290cec1c62b0cdb2f1f284a2b5ba5d4404c45343
  branch: new-system-and-cli
  specs:
    hanami (2.0.0.alpha1)
      bundler (>= 1.16, < 3)
      dry-cli (~> 0.6)
      dry-core (~> 0.4)
      dry-inflector (~> 0.1, >= 0.1.2)
      dry-monitor
      dry-system (~> 0.18, >= 0.18.0)
      hanami-cli (~> 2.0.alpha)
      hanami-controller (~> 2.0.alpha)
      hanami-router (~> 2.0.alpha)
      hanami-utils (~> 2.0.alpha)
      hanami-view (~> 2.0.alpha)

GEM
  remote: https://rubygems.org/
  specs:
    addressable (2.7.0)
      public_suffix (>= 2.0.2, < 5.0)
    ast (2.4.2)
    break (0.21.0)
    bundler-audit (0.8.0)
      bundler (>= 1.2.0, < 3)
      thor (~> 1.0)
    capybara (3.35.3)
      addressable
      mini_mime (>= 0.1.3)
      nokogiri (~> 1.8)
      rack (>= 1.6.0)
      rack-test (>= 0.6.3)
      regexp_parser (>= 1.5, < 3.0)
      xpath (~> 3.2)
    capybara-screenshot (1.0.25)
      capybara (>= 1.0, < 4)
      launchy
    cliver (0.3.2)
    coderay (1.1.3)
    concurrent-ruby (1.1.8)
    cookiejar (0.3.3)
    cuprite (0.13)
      capybara (>= 2.1, < 4)
      ferrum (~> 0.11.0)
    database_cleaner (1.99.0)
    diff-lcs (1.4.4)
    docile (1.3.5)
    dotenv (2.7.6)
    down (5.2.0)
      addressable (~> 2.5)
    dry-auto_inject (0.7.0)
      dry-container (>= 0.3.4)
    dry-cli (0.6.0)
      concurrent-ruby (~> 1.0)
    dry-container (0.7.2)
      concurrent-ruby (~> 1.0)
      dry-configurable (~> 0.1, >= 0.1.3)
    dry-core (0.5.0)
      concurrent-ruby (~> 1.0)
    dry-equalizer (0.3.0)
    dry-events (0.2.0)
      concurrent-ruby (~> 1.0)
      dry-core (~> 0.4)
      dry-equalizer (~> 0.2)
    dry-inflector (0.2.0)
    dry-initializer (3.0.4)
    dry-logic (1.1.0)
      concurrent-ruby (~> 1.0)
      dry-core (~> 0.5, >= 0.5)
    dry-matcher (0.9.0)
      dry-core (~> 0.4, >= 0.4.8)
    dry-monads (1.3.5)
      concurrent-ruby (~> 1.0)
      dry-core (~> 0.4, >= 0.4.4)
      dry-equalizer
    dry-monitor (0.3.2)
      dry-configurable (~> 0.5)
      dry-core (~> 0.4)
      dry-equalizer (~> 0.2)
      dry-events (~> 0.2)
    dry-schema (1.6.1)
      concurrent-ruby (~> 1.0)
      dry-configurable (~> 0.8, >= 0.8.3)
      dry-core (~> 0.5, >= 0.5)
      dry-initializer (~> 3.0)
      dry-logic (~> 1.0)
      dry-types (~> 1.5)
    dry-struct (1.4.0)
      dry-core (~> 0.5, >= 0.5)
      dry-types (~> 1.5)
      ice_nine (~> 0.11)
    dry-transformer (0.1.1)
    dry-types (1.5.1)
      concurrent-ruby (~> 1.0)
      dry-container (~> 0.3)
      dry-core (~> 0.5, >= 0.5)
      dry-inflector (~> 0.1, >= 0.1.2)
      dry-logic (~> 1.0, >= 1.0.2)
    dry-validation (1.6.0)
      concurrent-ruby (~> 1.0)
      dry-container (~> 0.7, >= 0.7.1)
      dry-core (~> 0.4)
      dry-equalizer (~> 0.2)
      dry-initializer (~> 3.0)
      dry-schema (~> 1.5, >= 1.5.2)
    em-http-request (1.1.7)
      addressable (>= 2.3.4)
      cookiejar (!= 0.3.1)
      em-socksify (>= 0.3)
      eventmachine (>= 1.0.3)
      http_parser.rb (>= 0.6.0)
    em-socksify (0.3.2)
      eventmachine (>= 1.0.0.beta.4)
    em-synchrony (1.0.6)
      eventmachine (>= 1.0.0.beta.1)
    erbse (0.1.4)
      temple
    eventmachine (1.2.7)
    eventmachine_httpserver (0.2.1)
    faker (2.17.0)
      i18n (>= 1.6, < 2)
    ferrum (0.11)
      addressable (~> 2.5)
      cliver (~> 0.3)
      concurrent-ruby (~> 1.1)
      websocket-driver (>= 0.6, < 0.8)
    ffi (1.15.0)
    formatador (0.2.5)
    guard (2.16.2)
      formatador (>= 0.2.4)
      listen (>= 2.7, < 4.0)
      lumberjack (>= 1.0.12, < 2.0)
      nenv (~> 0.1)
      notiffany (~> 0.0)
      pry (>= 0.9.12)
      shellany (~> 0.0)
      thor (>= 0.18.1)
    guard-rack (2.2.1)
      ffi
      guard (~> 2.3)
      spoon
    hansi (0.2.0)
    http_parser.rb (0.6.0)
    i18n (1.8.9)
      concurrent-ruby (~> 1.0)
    ice_nine (0.11.2)
    launchy (2.5.0)
      addressable (~> 2.7)
    listen (3.4.1)
      rb-fsevent (~> 0.10, >= 0.10.3)
      rb-inotify (~> 0.9, >= 0.9.10)
    lumberjack (1.2.8)
    method_source (1.0.0)
    mini_mime (1.0.2)
    multi_json (1.15.0)
    mustermann (1.1.1)
      ruby2_keywords (~> 0.0.1)
    mustermann-contrib (1.1.1)
      hansi (~> 0.2.0)
      mustermann (= 1.1.1)
    nenv (0.3.0)
    nio4r (2.5.7)
    nokogiri (1.11.2-x86_64-darwin)
      racc (~> 1.4)
    notiffany (0.1.3)
      nenv (~> 0.1)
      shellany (~> 0.0)
    parallel (1.20.1)
    parser (3.0.0.0)
      ast (~> 2.4.1)
    pg (1.2.3)
    pry (0.14.0)
      coderay (~> 1.1)
      method_source (~> 1.0)
    public_suffix (4.0.6)
    puffing-billy (2.4.1)
      addressable (~> 2.5)
      em-http-request (~> 1.1, >= 1.1.0)
      em-synchrony
      eventmachine (~> 1.2)
      eventmachine_httpserver
      http_parser.rb (~> 0.6.0)
      multi_json
    puma (4.3.7)
      nio4r (~> 2.0)
    racc (1.5.2)
    rack (2.2.3)
    rack-test (1.1.0)
      rack (>= 1.0, < 3)
    rainbow (3.0.0)
    rake (13.0.3)
    rb-fsevent (0.10.4)
    rb-inotify (0.10.1)
      ffi (~> 1.0)
    regexp_parser (2.1.1)
    rexml (3.2.4)
    rom (5.2.6)
      rom-changeset (~> 5.2, >= 5.2.3)
      rom-core (~> 5.2, >= 5.2.5)
      rom-repository (~> 5.2, >= 5.2.2)
    rom-changeset (5.2.3)
      dry-core (~> 0.4)
      rom-core (~> 5.2)
      transproc (~> 1.0, >= 1.1.0)
    rom-core (5.2.5)
      concurrent-ruby (~> 1.1)
      dry-container (~> 0.7)
      dry-core (~> 0.4)
      dry-equalizer (~> 0.2)
      dry-inflector (~> 0.1)
      dry-initializer (~> 3.0, >= 3.0.1)
      dry-struct (~> 1.0)
      dry-types (~> 1.0)
      transproc (~> 1.0, >= 1.1.0)
    rom-factory (0.10.2)
      dry-configurable (~> 0.7)
      dry-core (~> 0.4)
      faker (>= 1.7, < 3.0)
      rom-core (~> 5.0)
    rom-repository (5.2.2)
      dry-core (~> 0.4)
      dry-initializer (~> 3.0, >= 3.0.1)
      rom-core (~> 5.2, >= 5.2.2)
    rom-sql (3.4.0)
      dry-core (~> 0.5, >= 0.5)
      dry-types (~> 1.0)
      rom (~> 5.2, >= 5.2.1)
      sequel (>= 4.49)
    rspec (3.10.0)
      rspec-core (~> 3.10.0)
      rspec-expectations (~> 3.10.0)
      rspec-mocks (~> 3.10.0)
    rspec-core (3.10.1)
      rspec-support (~> 3.10.0)
    rspec-expectations (3.10.1)
      diff-lcs (>= 1.2.0, < 2.0)
      rspec-support (~> 3.10.0)
    rspec-mocks (3.10.2)
      diff-lcs (>= 1.2.0, < 2.0)
      rspec-support (~> 3.10.0)
    rspec-support (3.10.2)
    rubocop (1.11.0)
      parallel (~> 1.10)
      parser (>= 3.0.0.0)
      rainbow (>= 2.2.2, < 4.0)
      regexp_parser (>= 1.8, < 3.0)
      rexml
      rubocop-ast (>= 1.2.0, < 2.0)
      ruby-progressbar (~> 1.7)
      unicode-display_width (>= 1.4.0, < 3.0)
    rubocop-ast (1.4.1)
      parser (>= 2.7.1.5)
    rubocop-performance (1.10.1)
      rubocop (>= 0.90.0, < 2.0)
      rubocop-ast (>= 0.4.0)
    ruby-progressbar (1.11.0)
    ruby2_keywords (0.0.4)
    sequel (5.42.0)
    sequel_pg (1.14.0)
      pg (>= 0.18.0, != 1.2.0)
      sequel (>= 4.38.0)
    shellany (0.0.1)
    simplecov (0.21.2)
      docile (~> 1.1)
      simplecov-html (~> 0.11)
      simplecov_json_formatter (~> 0.1)
    simplecov-html (0.12.3)
    simplecov_json_formatter (0.1.2)
    slim (4.1.0)
      temple (>= 0.7.6, < 0.9)
      tilt (>= 2.0.6, < 2.1)
    spoon (0.0.6)
      ffi
    standard (1.0.4)
      rubocop (= 1.11.0)
      rubocop-performance (= 1.10.1)
    temple (0.8.2)
    thor (1.1.0)
    tilt (2.0.10)
    transproc (1.1.1)
    unicode-display_width (2.0.0)
    websocket-driver (0.7.3)
      websocket-extensions (>= 0.1.0)
    websocket-extensions (0.1.5)
    xpath (3.2.0)
      nokogiri (~> 1.8)

PLATFORMS
  x86_64-darwin-20

DEPENDENCIES
  break (~> 0.21)
  bundler-audit (~> 0.6)
  capybara (~> 3.0)
  capybara-screenshot (~> 1.0)
  cuprite (~> 0.8)
  database_cleaner (~> 1.7)
  dotenv (~> 2.7)
  down (~> 5.1)
  dry-configurable!
  dry-matcher (~> 0.8)
  dry-monads (~> 1.2)
  dry-struct (~> 1.0)
  dry-system!
  dry-types (~> 1.0)
  dry-validation (~> 1.4)
  erbse (~> 0.1)
  guard-rack (~> 2.2)
  hanami!
  hanami-cli!
  hanami-controller!
  hanami-router!
  hanami-utils!
  hanami-view!
  i18n (~> 1.8)
  pg (~> 1.2)
  pry
  puffing-billy (~> 2.2)
  puma (~> 4.0)
  rake (~> 13.0)
  rom (~> 5.2)
  rom-factory (~> 0.10)
  rom-sql (~> 3.2)
  rspec (~> 3.9)
  sequel (~> 5.32)
  sequel_pg (~> 1.13)
  simplecov (~> 0.17)
  slim (~> 4.0)
  standard

RUBY VERSION
   ruby 2.7.2p137

BUNDLED WITH
   2.2.15
